GEM
  remote: https://rubygems.org/
  specs:
    aws-sdk-v1 (1.66.0)
      json (~> 1.4)
      nokogiri (>= 1.4.4)
    builder (3.1.4)
    dentaku (3.0.0)
    json (1.8.6)
    mime-types (3.1)
      mime-types-data (~> 3.2015)
    mime-types-data (3.2016.0521)
    mini_portile2 (2.3.0)
    multipart-post (2.0.0)
    nokogiri (1.8.1)
      mini_portile2 (~> 2.3.0)
    require_all (1.4.0)

PLATFORMS
  ruby

DEPENDENCIES
  aws-sdk-v1 (~> 1.66.0)
  builder (~> 3.1.4)
  dentaku (~> 3.0.0)
  json (~> 1.8.6)
  mime-types (~> 3.1)
  multipart-post (~> 2.0.0)
  require_all (~> 1.4.0)

RUBY VERSION
   ruby 2.2.8p477

BUNDLED WITH
   1.16.0
